GEM
  remote: https://rubygems.org/
  specs:
    active_attr (0.8.5)
      activemodel (>= 3.0.2, < 5.0)
      activesupport (>= 3.0.2, < 5.0)
    activemodel (4.2.3)
      activesupport (= 4.2.3)
      builder (~> 3.1)
    activesupport (4.2.3)
      i18n (~> 0.7)
      json (~> 1.7, >= 1.7.7)
      minitest (~> 5.1)
      thread_safe (~> 0.3, >= 0.3.4)
      tzinfo (~> 1.1)
    builder (3.2.2)
    faraday (0.9.1)
      multipart-post (>= 1.2, < 3)
    faraday_middleware (0.9.2)
      faraday (>= 0.7.4, < 0.10)
    haml (4.0.6)
      tilt
    httparty (0.13.5)
      json (~> 1.8)
      multi_xml (>= 0.5.2)
    httpclient (2.6.0.1)
    i18n (0.7.0)
    json (1.8.3)
    json (1.8.3-java)
    minitest (5.7.0)
    multi_xml (0.5.5)
    multipart-post (2.0.0)
    neo4j (4.1.5)
      active_attr (~> 0.8)
      activemodel (~> 4)
      activesupport (~> 4)
      neo4j-core (~> 4.0.0)
      orm_adapter (~> 0.5.0)
    neo4j-community (2.0.1)
    neo4j-core (4.0.7)
      activesupport
      faraday (~> 0.9.0)
      faraday_middleware (~> 0.9.1)
      httparty
      httpclient
      json
      net-http-persistent
      os
      zip
    net-http-persistent (2.9.4)
    orm_adapter (0.5.0)
    os (0.9.6)
    rack (1.6.4)
    rack-protection (1.5.3)
      rack
    sinatra (1.4.6)
      rack (~> 1.4)
      rack-protection (~> 1.4)
      tilt (>= 1.3, < 3)
    thread_safe (0.3.5)
    thread_safe (0.3.5-java)
    tilt (2.0.1)
    tzinfo (1.2.2)
      thread_safe (~> 0.1)
    zip (2.0.2)

PLATFORMS
  java
  ruby

DEPENDENCIES
  haml
  neo4j (~> 4.1.0)
  neo4j-community (~> 2.0.0)
  sinatra
